GEM
  remote: https://rubygems.org/
  specs:
    ethon (0.11.0)
      ffi (>= 1.3.0)
    exponent-server-sdk (0.0.5)
      typhoeus
    ffi (1.9.25)
    mustermann (1.0.3)
    rack (2.0.5)
    rack-protection (2.0.4)
      rack
    sinatra (2.0.4)
      mustermann (~> 1.0)
      rack (~> 2.0)
      rack-protection (= 2.0.4)
      tilt (~> 2.0)
    sinatra-cross_origin (0.3.2)
    tilt (2.0.8)
    typhoeus (1.3.0)
      ethon (>= 0.9.0)

PLATFORMS
  ruby

DEPENDENCIES
  exponent-server-sdk
  sinatra
  sinatra-cross_origin (~> 0.3.1)

BUNDLED WITH
   1.16.2
